GIT
  remote: git://github.com/collectiveidea/delayed_job.git
  revision: 8dc3930f20eb7363ef0d451ac05a3851eb0caaf6
  tag: v2.1.4
  specs:
    delayed_job (2.1.4)
      activesupport (~> 3.0)
      daemons

GIT
  remote: git://github.com/techbang/redis-objects.git
  revision: 5c3a5e09cffd3c8800f2e9d41951a3ae99000435
  ref: 5c3a5e09cffd3c8800f2
  specs:
    redis-objects (0.5.0)
      redis (>= 2.1.1)

GIT
  remote: git@github.com:techbang/techbang-authentication.git
  revision: 4a6229194ae7bd3830d4876cd7fa07335c2db09b
  tag: 0.0.5
  specs:
    techbang-authentication (0.0.5)

PATH
  remote: /Users/xdite/projects/redis-textsearch
  specs:
    redis-textsearch (0.2.0)
      redis (>= 2.0.4)

GEM
  remote: http://rubygems.org/
  specs:
    abstract (1.0.0)
    actionmailer (3.0.5)
      actionpack (= 3.0.5)
      mail (~> 2.2.15)
    actionpack (3.0.5)
      activemodel (= 3.0.5)
      activesupport (= 3.0.5)
      builder (~> 2.1.2)
      erubis (~> 2.6.6)
      i18n (~> 0.4)
      rack (~> 1.2.1)
      rack-mount (~> 0.6.13)
      rack-test (~> 0.5.7)
      tzinfo (~> 0.3.23)
    activemodel (3.0.5)
      activesupport (= 3.0.5)
      builder (~> 2.1.2)
      i18n (~> 0.4)
    activerecord (3.0.5)
      activemodel (= 3.0.5)
      activesupport (= 3.0.5)
      arel (~> 2.0.2)
      tzinfo (~> 0.3.23)
    activeresource (3.0.5)
      activemodel (= 3.0.5)
      activesupport (= 3.0.5)
    activesupport (3.0.5)
    acts-as-taggable-on (2.0.6)
    annotate (2.4.0)
    arel (2.0.9)
    builder (2.1.2)
    crack (0.1.8)
    daemons (1.1.3)
    erubis (2.6.6)
      abstract (>= 1.0.0)
    facebooker2 (0.0.11)
      mogli (>= 0.0.12)
      ruby-hmac
    httparty (0.7.4)
      crack (= 0.1.8)
    i18n (0.5.0)
    json (1.4.6)
    json_pure (1.5.1)
    mail (2.2.17)
      activesupport (>= 2.3.6)
      i18n (>= 0.4.0)
      mime-types (~> 1.16)
      treetop (~> 1.4.8)
    mime-types (1.16)
    mogli (0.0.27)
      httparty (>= 0.4.3)
    mysql2 (0.2.7)
    paperclip (2.3.10)
      activerecord (>= 2.3.0)
      activesupport (>= 2.3.2)
    polyglot (0.3.1)
    rack (1.2.2)
    rack-mount (0.6.14)
      rack (>= 1.0.0)
    rack-test (0.5.7)
      rack (>= 1.0)
    rails (3.0.5)
      actionmailer (= 3.0.5)
      actionpack (= 3.0.5)
      activerecord (= 3.0.5)
      activeresource (= 3.0.5)
      activesupport (= 3.0.5)
      bundler (~> 1.0)
      railties (= 3.0.5)
    railties (3.0.5)
      actionpack (= 3.0.5)
      activesupport (= 3.0.5)
      rake (>= 0.8.7)
      thor (~> 0.14.4)
    rake (0.8.7)
    redis (2.2.0)
    redis-namespace (0.10.0)
      redis (< 3.0.0)
    resque (1.15.0)
      json (~> 1.4.6)
      redis-namespace (>= 0.10.0)
      sinatra (>= 0.9.2)
      vegas (~> 0.1.2)
    resque_mailer (1.0.1)
    ruby-hmac (0.4.0)
    rubycas-client (2.2.1)
      activesupport
    settingslogic (2.0.6)
    simple_form (1.3.1)
    sinatra (1.2.3)
      rack (~> 1.1)
      tilt (>= 1.2.2, < 2.0)
    system_timer (1.0)
    thor (0.14.6)
    tilt (1.2.2)
    treetop (1.4.9)
      polyglot (>= 0.3.1)
    tzinfo (0.3.26)
    vegas (0.1.8)
      rack (>= 1.0.0)
    will_paginate (2.3.15)

PLATFORMS
  ruby

DEPENDENCIES
  acts-as-taggable-on
  annotate
  delayed_job!
  facebooker2 (>= 0.0.10)
  json_pure
  mysql2
  paperclip
  rails (= 3.0.5)
  redis-objects!
  redis-textsearch!
  resque
  resque_mailer
  rubycas-client
  settingslogic
  simple_form (= 1.3.1)
  system_timer
  techbang-authentication!
  will_paginate
